GEM
  specs:
    activesupport (5.0.0.1)
      concurrent-ruby (~> 1.0, >= 1.0.2)
      i18n (~> 0.7)
      minitest (~> 5.1)
      tzinfo (~> 1.1)
    ast (2.3.0)
    aws-sdk (2.3.19)
      aws-sdk-resources (= 2.3.19)
    aws-sdk-core (2.3.19)
      jmespath (~> 1.0)
    aws-sdk-resources (2.3.19)
      aws-sdk-core (= 2.3.19)
    coderay (1.1.1)
    concurrent-ruby (1.0.2)
    i18n (0.7.0)
    jmespath (1.2.4)
      json_pure (>= 1.8.1)
    json_pure (2.0.0)
    method_source (0.8.2)
    minitest (5.9.1)
    parser (2.3.1.2)
      ast (~> 2.2)
    powerpack (0.1.1)
    pry (0.10.4)
      coderay (~> 1.1.0)
      method_source (~> 0.8.1)
      slop (~> 3.4)
    rainbow (2.1.0)
    rubocop (0.43.0)
      parser (>= 2.3.1.1, < 3.0)
      powerpack (~> 0.1)
      rainbow (>= 1.99.1, < 3.0)
      ruby-progressbar (~> 1.7)
      unicode-display_width (~> 1.0, >= 1.0.1)
    ruby-progressbar (1.8.1)
    slop (3.6.0)
    thor (0.19.1)
    thread_safe (0.3.5)
    tzinfo (1.2.2)
      thread_safe (~> 0.1)
    unicode-display_width (1.1.1)

PLATFORMS
  ruby

DEPENDENCIES
  activesupport (~> 5.0)
  aws-sdk
  pry
  rubocop
  thor

BUNDLED WITH
   1.11.2
